GEM
  remote: https://rubygems.org/
  specs:
    base64 (0.2.0)
    connection_pool (2.4.1)
    dotenv (3.1.0)
    erubis (2.7.0)
    jwt (2.8.1)
      base64
    multipart-post (2.4.0)
    mustermann (3.0.0)
      ruby2_keywords (~> 0.0.1)
    net-http-persistent (4.0.2)
      connection_pool (~> 2.2)
    nio4r (2.7.1)
    phonelib (0.8.8)
    puma (6.4.2)
      nio4r (~> 2.0)
    rack (3.0.10)
    rack-protection (4.0.0)
      base64 (>= 0.1.0)
      rack (>= 3.0.0, < 4)
    rack-session (2.0.0)
      rack (>= 3.0.0)
    rackup (2.1.0)
      rack (>= 3)
      webrick (~> 1.8)
    rexml (3.2.6)
    ruby2_keywords (0.0.5)
    sinatra (4.0.0)
      mustermann (~> 3.0)
      rack (>= 3.0.0, < 4)
      rack-protection (= 4.0.0)
      rack-session (>= 2.0.0, < 3)
      tilt (~> 2.0)
    sorbet-runtime (0.5.11361)
    tilt (2.3.0)
    vonage (7.24.0)
      multipart-post (~> 2.0)
      net-http-persistent (~> 4.0, >= 4.0.2)
      phonelib
      rexml
      sorbet-runtime (~> 0.5)
      vonage-jwt (~> 0.2.0)
      zeitwerk (~> 2, >= 2.2)
    vonage-jwt (0.2.0)
      jwt (~> 2)
    webrick (1.8.1)
    zeitwerk (2.6.13)

PLATFORMS
  ruby
  x86_64-linux

DEPENDENCIES
  dotenv
  erubis
  puma
  rackup (~> 2.1)
  sinatra
  vonage

RUBY VERSION
   ruby 3.3.0p0

BUNDLED WITH
   2.5.4
